GEM
  remote: https://rubygems.org/
  specs:
    rake (10.1.1)
    teacup (2.1.13)

PLATFORMS
  ruby

DEPENDENCIES
  rake
  teacup
